GEM
  remote: https://rubygems.org/
  specs:
    byebug (10.0.2)
    coderay (1.1.2)
    dotenv (2.2.2)
    foreman (0.84.0)
      thor (~> 0.19.1)
    method_source (0.9.0)
    minitest (5.11.3)
    pg (1.0.0)
    pry (0.11.3)
      coderay (~> 1.1.0)
      method_source (~> 0.9.0)
    pry-byebug (3.6.0)
      byebug (~> 10.0)
      pry (~> 0.10)
    puma (3.11.4)
    rack (2.0.4)
    rack-test (1.0.0)
      rack (>= 1.0, < 3)
    rack-unreloader (1.6.0)
    rake (12.3.1)
    roda (3.6.0)
      rack
    sequel (5.7.1)
    sequel_pg (1.8.1)
      pg (>= 0.18.0)
      sequel (>= 4.34.0)
    thor (0.19.4)

PLATFORMS
  ruby

DEPENDENCIES
  dotenv
  foreman
  minitest
  pg (~> 1.0.0)
  pry
  pry-byebug
  puma
  rack-test
  rack-unreloader
  rake
  roda (~> 3.6.0)
  sequel
  sequel_pg

RUBY VERSION
   ruby 2.5.1p57

BUNDLED WITH
   1.16.1
